GEM
  remote: http://rubygems.org/
  specs:
    curb (0.7.8)
    gemcutter (0.6.1)
    git (1.2.5)
    jeweler (1.4.0)
      gemcutter (>= 0.1.0)
      git (>= 1.2.5)
      rubyforge (>= 2.0.0)
    json_pure (1.4.6)
    nokogiri (1.4.3.1)
    rake (0.8.7)
    roodi (2.1.0)
      ruby_parser
    rspec (1.3.0)
    ruby_parser (2.0.5)
      sexp_processor (~> 3.0)
    rubyforge (2.0.4)
      json_pure (>= 1.1.7)
    sexp_processor (3.0.5)

PLATFORMS
  ruby

DEPENDENCIES
  curb
  jeweler
  nokogiri
  rake
  roodi
  rspec
